GEM
  remote: http://rubygems.org/
  specs:
    hoe (2.9.6)
      rake (~> 0.8)
    hoe-doofus (1.0.0)
    hoe-git (1.4.0)
      hoe (>= 2.2.0)
    minitest (2.3.1)
    open4 (0.9.6)
    rake (0.9.2)
    rake-remote_task (2.0.4)
      open4 (~> 0.9.0)
      rake (~> 0.8)
    vlad (2.2.1)
      open4 (~> 0.9.0)
      rake (~> 0.8)
      rake-remote_task (~> 2.0)

PLATFORMS
  ruby

DEPENDENCIES
  hoe-doofus
  hoe-git
  minitest
  vlad (>= 2.1.0)
